GEM
  remote: https://rubygems.org/
  specs:
    connection_pool (2.3.0)
    rack (1.6.13)
    rack-protection (1.5.5)
      rack
    redis (5.0.5)
      redis-client (>= 0.9.0)
    redis-client (0.10.0)
      connection_pool
    redis-namespace (1.6.0)
      redis (>= 3.0.4)
    sidekiq (6.0.0.pre1)
      connection_pool (>= 2.2.2)
      rack (>= 1.5.0)
      rack-protection (>= 1.5.0)
      redis (>= 4.0.2)
    sinatra (1.4.8)
      rack (~> 1.5)
      rack-protection (~> 1.4)
      tilt (>= 1.3, < 3)
    tilt (2.0.8)

PLATFORMS
  ruby

DEPENDENCIES
  redis-namespace
  sidekiq
  sinatra (~> 1.4)

BUNDLED WITH
   1.16.2
