GEM
  remote: https://rubygems.org/
  specs:
    connection_pool (2.2.5)
    rack (1.6.13)
    rack-protection (1.5.5)
      rack
    redis (4.5.1)
    redis-namespace (1.6.0)
      redis (>= 3.0.4)
    sidekiq (5.2.8)
      connection_pool (~> 2.2, >= 2.2.2)
      rack (< 2.1.0)
      rack-protection (>= 1.5.0)
      redis (>= 3.3.5, < 5)
    sinatra (1.4.8)
      rack (~> 1.5)
      rack-protection (~> 1.4)
      tilt (>= 1.3, < 3)
    tilt (2.0.8)

PLATFORMS
  ruby

DEPENDENCIES
  redis-namespace
  sidekiq
  sinatra (~> 1.4)

BUNDLED WITH
   1.16.2
