GEM
  remote: https://rubygems.org/
  specs:
    connection_pool (2.3.0)
    mustermann (1.1.2)
      ruby2_keywords (~> 0.0.1)
    rack (2.2.4)
    rack-protection (2.2.0)
      rack
    redis (5.0.5)
      redis-client (>= 0.9.0)
    redis-client (0.10.0)
      connection_pool
    redis-namespace (1.6.0)
      redis (>= 3.0.4)
    ruby2_keywords (0.0.5)
    sidekiq (6.0.0.pre1)
      connection_pool (>= 2.2.2)
      rack (>= 1.5.0)
      rack-protection (>= 1.5.0)
      redis (>= 4.0.2)
    sinatra (2.2.0)
      mustermann (~> 1.0)
      rack (~> 2.2)
      rack-protection (= 2.2.0)
      tilt (~> 2.0)
    tilt (2.0.11)

PLATFORMS
  ruby

DEPENDENCIES
  redis-namespace
  sidekiq
  sinatra (~> 2.2)

BUNDLED WITH
   1.16.2
